GIT
  remote: git://github.com/jmettraux/ruote.git
  revision: 2800bb30362f62758c8904a31919ca3abbf57f12
  specs:
    ruote (2.3.0)
      parslet (>= 1.2.3)
      rufus-cloche (>= 1.0.2)
      rufus-dollar (>= 1.0.4)
      rufus-json (>= 1.0.1)
      rufus-mnemo (>= 1.2.2)
      rufus-scheduler (>= 2.0.16)
      rufus-treechecker (>= 1.0.8)
      sourcify (= 0.5.0)

GEM
  remote: http://rubygems.org/
  specs:
    blankslate (2.1.2.4)
    file-tail (1.0.8)
      tins (~> 0.3)
    parslet (1.3.0)
      blankslate (~> 2.0)
    ruby2ruby (1.3.1)
      ruby_parser (~> 2.0)
      sexp_processor (~> 3.0)
    ruby_parser (2.3.1)
      sexp_processor (~> 3.0)
    rufus-cloche (1.0.2)
      rufus-json (>= 1.0.1)
    rufus-dollar (1.0.4)
    rufus-json (1.0.1)
    rufus-mnemo (1.2.2)
    rufus-scheduler (2.0.16)
      tzinfo (>= 0.3.23)
    rufus-treechecker (1.0.8)
      ruby_parser (>= 2.0.5)
    sexp_processor (3.2.0)
    sourcify (0.5.0)
      file-tail (>= 1.0.5)
      ruby2ruby (>= 1.2.5)
      ruby_parser (>= 2.0.5)
      sexp_processor (>= 3.0.5)
    tins (0.3.13)
    tzinfo (0.3.33)
    yajl-ruby (1.0.0)

PLATFORMS
  ruby

DEPENDENCIES
  ruote!
  yajl-ruby (= 1.0.0)
